GEM
  remote: https://rubygems.org/
  specs:
    nio4r (2.5.8)
    puma (5.6.4)
      nio4r (~> 2.0)
    rack-request-id (0.0.4)

PLATFORMS
  ruby

DEPENDENCIES
  puma
  rack-request-id

BUNDLED WITH
   2.3.13
